PATH
  remote: .
  specs:
    versionable_api (0.0.3)

GEM
  remote: http://rubygems.org/
  specs:
    rake (10.1.0)

PLATFORMS
  ruby

DEPENDENCIES
  rake
  versionable_api!
